GIT
  remote: git@github.com:Aerivan/vector.git
  revision: 6127f540f1df877624fe01e40dadd5743f3f293d
  specs:
    vector (0.1.1)

GEM
  remote: https://rubygems.org/
  specs:
    chipmunk (5.3.4.5)
    diff-lcs (1.2.5)
    gosu (0.7.50)
    osc-ruby (1.1.0)
    rspec (2.14.1)
      rspec-core (~> 2.14.0)
      rspec-expectations (~> 2.14.0)
      rspec-mocks (~> 2.14.0)
    rspec-core (2.14.7)
    rspec-expectations (2.14.4)
      diff-lcs (>= 1.1.3, < 2.0)
    rspec-mocks (2.14.4)
    sqlite3 (1.3.8)
    tuio-ruby (0.2.5)
      osc-ruby (>= 0.6.2)

PLATFORMS
  ruby

DEPENDENCIES
  chipmunk
  gosu
  rspec
  sqlite3
  tuio-ruby
  vector!
